GEM
  remote: http://rubygems.org/
  specs:
    activemodel (3.2.2)
      activesupport (= 3.2.2)
      builder (~> 3.0.0)
    activerecord (3.2.2)
      activemodel (= 3.2.2)
      activesupport (= 3.2.2)
      arel (~> 3.0.2)
      tzinfo (~> 0.3.29)
    activesupport (3.2.2)
      i18n (~> 0.6)
      multi_json (~> 1.0)
    arel (3.0.2)
    bio (1.4.2)
    builder (3.0.0)
    choice (0.1.5)
    facter (1.6.8)
    forkoff (1.1.1)
    git (1.2.5)
    i18n (0.6.0)
    jeweler (1.8.3)
      bundler (~> 1.0)
      git (>= 1.2.5)
      rake
      rdoc
    json (1.6.5)
    multi_json (1.2.0)
    rake (0.8.7)
    rcov (0.9.9)
    rdoc (3.12)
      json (~> 1.4)
    shoulda (2.11.3)
    sqlite3 (1.3.5)
    tzinfo (0.3.32)

PLATFORMS
  ruby

DEPENDENCIES
  activerecord (= 3.2.2)
  bio (~> 1.4.2)
  bundler
  choice (~> 0.1.5)
  facter
  forkoff (~> 1.1.1)
  jeweler (~> 1.8.3)
  json
  rake (= 0.8.7)
  rcov
  rdoc (~> 3.12)
  shoulda
  sqlite3 (~> 1.3.5)
